GEM
  remote: http://rubygems.org/
  specs:
    Platform (0.4.0)
    addressable (2.8.4)
      public_suffix (>= 2.0.2, < 6.0)
    archive-tar-minitar (0.5.2)
    columnize (0.3.6)
    cookiejar (0.3.3)
    diff-lcs (1.1.3)
    em-http-request (1.1.6)
      addressable (>= 2.3.4)
      cookiejar (!= 0.3.1)
      em-socksify (>= 0.3)
      eventmachine (>= 1.0.3)
      http_parser.rb (>= 0.6.0)
    em-socksify (0.3.2)
      eventmachine (>= 1.0.0.beta.4)
    eventmachine (1.2.7)
    http_parser.rb (0.8.0)
    linecache19 (0.5.12)
      ruby_core_source (>= 0.1.4)
    open4 (1.3.0)
    popen4 (0.1.2)
      Platform (>= 0.4.0)
      open4 (>= 0.4.0)
    public_suffix (5.0.1)
    rspec (2.7.0)
      rspec-core (~> 2.7.0)
      rspec-expectations (~> 2.7.0)
      rspec-mocks (~> 2.7.0)
    rspec-core (2.7.1)
    rspec-expectations (2.7.0)
      diff-lcs (~> 1.1.2)
    rspec-mocks (2.7.0)
    ruby-debug-base19 (0.11.25)
      columnize (>= 0.3.1)
      linecache19 (>= 0.5.11)
      ruby_core_source (>= 0.1.4)
    ruby-debug19 (0.11.6)
      columnize (>= 0.3.1)
      linecache19 (>= 0.5.11)
      ruby-debug-base19 (>= 0.11.19)
    ruby_core_source (0.1.5)
      archive-tar-minitar (>= 0.5.2)

PLATFORMS
  ruby

DEPENDENCIES
  em-http-request (~> 1.1.6)
  popen4
  rspec (~> 2.7.0)
  ruby-debug19
